NUGET
  remote: https://nuget.org/api/v2
  specs:
    FAKE (4.7.2)
    FSharp.Core (4.0.0.1)
    FsPickler (1.5.2)
    Suave (0.30.0)
      FSharp.Core (>= 3.1.2.1)
      FsPickler (>= 1.2.5)
