NUGET
  remote: https://nuget.org/api/v2
  specs:
    DotLiquid (1.8.0)
    EntityFramework (6.1.3) - framework: net40, net45, net451, >= net46
    FAKE (4.7.2)
    FSharp.Core (4.0.0.1)
    FsPickler (1.5.2)
    SQLProvider (0.0.9-alpha)
    Suave (0.30.0)
      FSharp.Core (>= 3.1.2.1)
      FsPickler (>= 1.2.5)
    Suave.DotLiquid (0.30.0)
      DotLiquid (>= 1.8.0)
      Suave (>= 0.30.0)
    System.Data.SQLite (1.0.98.1)
      System.Data.SQLite.Core (>= 1.0.98.1) - framework: net20, net40, net45, net451, >= net46
      System.Data.SQLite.EF6 (>= 1.0.98.1) - framework: net40, net45, net451, >= net46
      System.Data.SQLite.Linq (>= 1.0.98.1) - framework: net20, net40, net45, net451, >= net46
    System.Data.SQLite.Core (1.0.98.1) - framework: net20, net40, net45, net451, >= net46
    System.Data.SQLite.EF6 (1.0.98.1) - framework: net40, net45, net451, >= net46
      EntityFramework (>= 6.0.0.0) - framework: net40, net45, net451, >= net46
    System.Data.SQLite.Linq (1.0.98.1) - framework: net20, net40, net45, net451, >= net46
